PATH
  remote: .
  specs:
    baa_chan (0.0.0)
      pdf-reader (~> 2.4.2)

GEM
  remote: https://rubygems.org/
  specs:
    Ascii85 (1.1.0)
    afm (0.2.2)
    coderay (1.1.3)
    diff-lcs (1.4.4)
    hashery (2.1.2)
    method_source (1.0.0)
    pdf-reader (2.4.2)
      Ascii85 (~> 1.0)
      afm (~> 0.2.1)
      hashery (~> 2.0)
      ruby-rc4
      ttfunk
    pry (0.14.1)
      coderay (~> 1.1)
      method_source (~> 1.0)
    rspec (3.10.0)
      rspec-core (~> 3.10.0)
      rspec-expectations (~> 3.10.0)
      rspec-mocks (~> 3.10.0)
    rspec-core (3.10.1)
      rspec-support (~> 3.10.0)
    rspec-expectations (3.10.1)
      diff-lcs (>= 1.2.0, < 2.0)
      rspec-support (~> 3.10.0)
    rspec-mocks (3.10.2)
      diff-lcs (>= 1.2.0, < 2.0)
      rspec-support (~> 3.10.0)
    rspec-support (3.10.2)
    ruby-rc4 (0.1.5)
    ttfunk (1.7.0)

PLATFORMS
  x86_64-linux

DEPENDENCIES
  baa_chan!
  pry (~> 0.14.1)
  rspec (~> 3.10.0)

BUNDLED WITH
   2.2.15
